PATH
  remote: .
  specs:
    fluent-plugin-gelf-hs (1.0.3)
      fluentd
      gelf (>= 2.0.0)

GEM
  remote: https://rubygems.org/
  specs:
    concurrent-ruby (1.1.5)
    cool.io (1.5.4)
    dig_rb (1.0.1)
    fluentd (1.7.4)
      cool.io (>= 1.4.5, < 2.0.0)
      dig_rb (~> 1.0.0)
      http_parser.rb (>= 0.5.1, < 0.7.0)
      msgpack (>= 1.2.0, < 2.0.0)
      serverengine (>= 2.0.4, < 3.0.0)
      sigdump (~> 0.2.2)
      strptime (>= 0.2.2, < 1.0.0)
      tzinfo (~> 2.0)
      tzinfo-data (~> 1.0)
      yajl-ruby (~> 1.0)
    gelf (3.1.0)
      json
    http_parser.rb (0.6.0)
    json (2.2.0)
    msgpack (1.3.1)
    power_assert (1.1.5)
    rake (13.0.1)
    serverengine (2.2.0)
      sigdump (~> 0.2.2)
    sigdump (0.2.4)
    strptime (0.2.3)
    test-unit (3.3.4)
      power_assert
    tzinfo (2.0.0)
      concurrent-ruby (~> 1.0)
    tzinfo-data (1.2019.3)
      tzinfo (>= 1.0.0)
    yajl-ruby (1.4.1)

PLATFORMS
  ruby

DEPENDENCIES
  fluent-plugin-gelf-hs!
  rake
  test-unit

BUNDLED WITH
   1.17.3
